REDIRECTS: ON
RESTRICTION: == net461
NUGET
  remote: http://www.nuget.org/api/v2
    BenchmarkDotNet (0.9.8)
      Microsoft.CodeAnalysis.CSharp (>= 1.3.2)
      System.Threading.Tasks (>= 4.0)
    BenchmarkDotNet.Diagnostics.Windows (0.9.8)
      BenchmarkDotNet (>= 0.9.8)
      Microsoft.Diagnostics.Tracing.TraceEvent (>= 1.0.41)
    FSharp.Core (4.0.0.1) - redirects: force
    Microsoft.CodeAnalysis.Common (1.3.2)
    Microsoft.CodeAnalysis.CSharp (1.3.2)
      Microsoft.CodeAnalysis.Common (1.3.2)
    Microsoft.Diagnostics.Tracing.TraceEvent (1.0.41)
    System.Numerics.Vectors (4.1.1)
    System.Threading.Tasks (4.0.11)

GROUP Build
RESTRICTION: == net461
NUGET
  remote: https://www.nuget.org/api/v2
    FAKE (4.37.2)
    FSharp.Compiler.Service (2.0.0.6)
    FSharp.Formatting (2.14.4)
      FSharp.Compiler.Service (2.0.0.6)
      FSharpVSPowerTools.Core (>= 2.3 < 2.4)
    FSharpVSPowerTools.Core (2.3)
      FSharp.Compiler.Service (>= 2.0.0.3)
    Octokit (0.21.1)
    SourceLink.Fake (1.1)
GITHUB
  remote: fsharp/FAKE
    modules/Octokit/Octokit.fsx (7faaaf53e4a8fbe04a4d2b4c1bfc5d09bd82eed6)
      Octokit (>= 0.20)
GROUP Test
REDIRECTS: ON
RESTRICTION: == net461
NUGET
  remote: http://www.nuget.org/api/v2
    BenchmarkDotNet (0.9.8)
      Microsoft.CodeAnalysis.CSharp (>= 1.3.2)
      System.Threading.Tasks (>= 4.0)
    FsCheck (2.6)
      FSharp.Core (>= 3.1.2.5)
    FSharp.Core (4.0.0.1)
    MathNet.Numerics (3.12)
    MathNet.Numerics.FSharp (3.12)
      FSharp.Core (>= 3.1.2.5)
      MathNet.Numerics (3.12)
    MathNet.Numerics.MKL.Win-x64 (2.0)
    Microsoft.CodeAnalysis.Common (1.3.2)
    Microsoft.CodeAnalysis.CSharp (1.3.2)
      Microsoft.CodeAnalysis.Common (1.3.2)
    NUnit (3.4.1)
    NUnit.ConsoleRunner (3.4.1)
    NUnit.Extension.NUnitProjectLoader (3.4.1)
    NUnit.Extension.NUnitV2Driver (3.4.1)
    NUnit.Extension.NUnitV2ResultWriter (3.4.1)
    NUnit.Extension.TeamCityEventListener (1.0.1)
    NUnit.Extension.VSProjectLoader (3.4.1)
    NUnit.Runners (3.4.1)
      NUnit.ConsoleRunner (>= 3.4.1)
      NUnit.Extension.NUnitProjectLoader (>= 3.4.1)
      NUnit.Extension.NUnitV2Driver (>= 3.4.1)
      NUnit.Extension.NUnitV2ResultWriter (>= 3.4.1)
      NUnit.Extension.TeamCityEventListener (>= 1.0.1)
      NUnit.Extension.VSProjectLoader (>= 3.4.1)
    Streams (0.4.1)
    Streams.CSharp (0.4.1)
      Streams (0.4.1)
    System.Collections.Immutable (1.2)
    System.Reflection.Metadata (1.3)
      System.Collections.Immutable (>= 1.2)
    System.Threading.Tasks (4.0.11)
    Unquote (3.1.2)
