REDIRECTS: ON
FRAMEWORK: >= NET45
NUGET
  remote: http://www.nuget.org/api/v2
  specs:
    BenchmarkDotNet (0.9.8)
      Microsoft.CodeAnalysis.CSharp (>= 1.3.2)
      System.Threading.Tasks (>= 4.0)
    BenchmarkDotNet.Diagnostics.Windows (0.9.8)
      BenchmarkDotNet (>= 0.9.8)
      Microsoft.Diagnostics.Tracing.TraceEvent (>= 1.0.41)
    FSharp.Core (4.0.0.1) - redirects: force
    Microsoft.CodeAnalysis.Analyzers (1.1)
    Microsoft.CodeAnalysis.Common (1.3.2)
      Microsoft.CodeAnalysis.Analyzers (>= 1.1)
      System.AppContext (>= 4.1)
      System.Collections (>= 4.0.11)
      System.Collections.Concurrent (>= 4.0.12)
      System.Collections.Immutable (>= 1.2)
      System.Console (>= 4.0)
      System.Diagnostics.Debug (>= 4.0.11)
      System.Diagnostics.FileVersionInfo (>= 4.0)
      System.Diagnostics.StackTrace (>= 4.0.1)
      System.Diagnostics.Tools (>= 4.0.1)
      System.Dynamic.Runtime (>= 4.0.11)
      System.Globalization (>= 4.0.11)
      System.IO.FileSystem (>= 4.0.1)
      System.IO.FileSystem.Primitives (>= 4.0.1)
      System.Linq (>= 4.1)
      System.Linq.Expressions (>= 4.1)
      System.Reflection (>= 4.1)
      System.Reflection.Metadata (>= 1.3)
      System.Reflection.Primitives (>= 4.0.1)
      System.Resources.ResourceManager (>= 4.0.1)
      System.Runtime (>= 4.1)
      System.Runtime.Extensions (>= 4.1)
      System.Runtime.Handles (>= 4.0.1)
      System.Runtime.InteropServices (>= 4.1)
      System.Runtime.Numerics (>= 4.0.1)
      System.Security.Cryptography.Algorithms (>= 4.2)
      System.Security.Cryptography.Encoding (>= 4.0)
      System.Security.Cryptography.X509Certificates (>= 4.1)
      System.Text.Encoding (>= 4.0.11)
      System.Text.Encoding.CodePages (>= 4.0.1)
      System.Text.Encoding.Extensions (>= 4.0.11)
      System.Threading (>= 4.0.11)
      System.Threading.Tasks (>= 4.0.11)
      System.Threading.Tasks.Parallel (>= 4.0.1)
      System.Threading.Thread (>= 4.0)
      System.Xml.ReaderWriter (>= 4.0.11)
      System.Xml.XDocument (>= 4.0.11)
      System.Xml.XmlDocument (>= 4.0.1)
      System.Xml.XPath.XDocument (>= 4.0.1)
    Microsoft.CodeAnalysis.CSharp (1.3.2)
      Microsoft.CodeAnalysis.Common (1.3.2)
    Microsoft.Diagnostics.Tracing.TraceEvent (1.0.41)
    Microsoft.NETCore.Platforms (1.0.1)
    Microsoft.NETCore.Targets (1.0.1)
    runtime.native.System (4.0) - framework: net45, net451, net452, net453
      Microsoft.NETCore.Platforms (>= 1.0.1)
      Microsoft.NETCore.Targets (>= 1.0.1)
    runtime.native.System.Net.Http (4.0.1) - framework: net45, net451, net452, net453
      Microsoft.NETCore.Platforms (>= 1.0.1)
      Microsoft.NETCore.Targets (>= 1.0.1)
    runtime.native.System.Security.Cryptography (4.0)
      Microsoft.NETCore.Platforms (>= 1.0.1)
      Microsoft.NETCore.Targets (>= 1.0.1)
    System.AppContext (4.1)
    System.Collections (4.0.11)
    System.Collections.Concurrent (4.0.12)
    System.Collections.Immutable (1.2)
    System.Console (4.0)
      Microsoft.NETCore.Platforms (>= 1.0.1) - framework: net45, net451, net452, net453
      Microsoft.NETCore.Targets (>= 1.0.1) - framework: net45, net451, net452, net453
      System.IO (>= 4.1) - framework: net45, net451, net452, net453
      System.Runtime (>= 4.1) - framework: net45, net451, net452, net453
      System.Text.Encoding (>= 4.0.11) - framework: net45, net451, net452, net453
    System.Diagnostics.Debug (4.0.11)
    System.Diagnostics.FileVersionInfo (4.0)
      System.Globalization (>= 4.0.11) - framework: net45, net451, net452, net453
      System.Runtime.InteropServices (>= 4.1) - framework: net45, net451, net452, net453
    System.Diagnostics.StackTrace (4.0.1)
      System.Collections.Immutable (>= 1.2) - framework: net45, net451, net452, net453
      System.IO.FileSystem (>= 4.0.1) - framework: net45, net451, net452, net453
      System.Reflection (>= 4.1) - framework: net45, net451, net452, net453
      System.Reflection.Metadata (>= 1.3) - framework: net45, net451, net452, net453
      System.Runtime (>= 4.1) - framework: net45, net451, net452, net453
      System.Runtime.Extensions (>= 4.1) - framework: net45, net451, net452, net453
    System.Diagnostics.Tools (4.0.1)
    System.Dynamic.Runtime (4.0.11)
    System.Globalization (4.0.11)
    System.IO (4.1)
    System.IO.FileSystem (4.0.1)
      Microsoft.NETCore.Platforms (>= 1.0.1) - framework: net45, net451, net452, net453
      Microsoft.NETCore.Targets (>= 1.0.1) - framework: net45, net451, net452, net453
      System.IO (>= 4.1) - framework: net45, net451, net452, net453
      System.IO.FileSystem.Primitives (>= 4.0.1) - framework: >= net46
      System.Runtime (>= 4.1) - framework: net45, net451, net452, net453
      System.Runtime.Handles (>= 4.0.1) - framework: net45, net451, net452, net453
      System.Text.Encoding (>= 4.0.11) - framework: net45, net451, net452, net453
      System.Threading.Tasks (>= 4.0.11) - framework: net45, net451, net452, net453
    System.IO.FileSystem.Primitives (4.0.1)
      System.Runtime (>= 4.1) - framework: net45, net451, net452, net453
    System.Linq (4.1)
    System.Linq.Expressions (4.1)
    System.Numerics.Vectors (4.1.1)
    System.Reflection (4.1)
    System.Reflection.Metadata (1.3)
      System.Collections.Immutable (>= 1.2)
    System.Reflection.Primitives (4.0.1)
    System.Resources.ResourceManager (4.0.1)
    System.Runtime (4.1)
    System.Runtime.Extensions (4.1)
    System.Runtime.Handles (4.0.1)
      Microsoft.NETCore.Platforms (>= 1.0.1) - framework: net45, net451, net452, net453
      Microsoft.NETCore.Targets (>= 1.0.1) - framework: net45, net451, net452, net453
      System.Runtime (>= 4.1) - framework: net45, net451, net452, net453
    System.Runtime.InteropServices (4.1)
    System.Runtime.Numerics (4.0.1)
    System.Security.Cryptography.Algorithms (4.2)
      runtime.native.System.Security.Cryptography (>= 4.0) - framework: net45, net451, net452, net453
      System.Collections (>= 4.0.11) - framework: net45, net451, net452, net453
      System.Runtime.Numerics (>= 4.0.1) - framework: net45, net451, net452, net453
      System.Security.Cryptography.Primitives (>= 4.0) - framework: >= net46
    System.Security.Cryptography.Csp (4.0) - framework: net45, net451, net452, net453
      Microsoft.NETCore.Platforms (>= 1.0.1) - framework: net45, net451, net452, net453
      System.IO (>= 4.1) - framework: net45, net451, net452, net453
      System.Reflection (>= 4.1) - framework: net45, net451, net452, net453
      System.Resources.ResourceManager (>= 4.0.1) - framework: net45, net451, net452, net453
      System.Runtime (>= 4.1) - framework: net45, net451, net452, net453
      System.Runtime.Extensions (>= 4.1) - framework: net45, net451, net452, net453
      System.Runtime.Handles (>= 4.0.1) - framework: net45, net451, net452, net453
      System.Runtime.InteropServices (>= 4.1) - framework: net45, net451, net452, net453
      System.Security.Cryptography.Encoding (>= 4.0) - framework: net45, net451, net452, net453
      System.Text.Encoding (>= 4.0.11) - framework: net45, net451, net452, net453
      System.Threading (>= 4.0.11) - framework: net45, net451, net452, net453
    System.Security.Cryptography.Encoding (4.0)
      Microsoft.NETCore.Platforms (>= 1.0.1) - framework: net45, net451, net452, net453
      runtime.native.System.Security.Cryptography (>= 4.0) - framework: net45, net451, net452, net453
      System.Collections (>= 4.0.11) - framework: net45, net451, net452, net453
      System.Collections.Concurrent (>= 4.0.12) - framework: net45, net451, net452, net453
      System.Linq (>= 4.1) - framework: net45, net451, net452, net453
      System.Resources.ResourceManager (>= 4.0.1) - framework: net45, net451, net452, net453
      System.Runtime (>= 4.1) - framework: net45, net451, net452, net453
      System.Runtime.Extensions (>= 4.1) - framework: net45, net451, net452, net453
      System.Runtime.Handles (>= 4.0.1) - framework: net45, net451, net452, net453
      System.Runtime.InteropServices (>= 4.1) - framework: net45, net451, net452, net453
      System.Security.Cryptography.Primitives (>= 4.0) - framework: net45, net451, net452, net453
      System.Text.Encoding (>= 4.0.11) - framework: net45, net451, net452, net453
    System.Security.Cryptography.OpenSsl (4.0) - framework: net45, net451, net452, net453
      runtime.native.System.Security.Cryptography (>= 4.0)
      System.Collections (>= 4.0.11)
      System.IO (>= 4.1)
      System.Resources.ResourceManager (>= 4.0.1)
      System.Runtime (>= 4.1)
      System.Runtime.Extensions (>= 4.1)
      System.Runtime.Handles (>= 4.0.1)
      System.Runtime.InteropServices (>= 4.1)
      System.Runtime.Numerics (>= 4.0.1)
      System.Security.Cryptography.Algorithms (>= 4.2)
      System.Security.Cryptography.Encoding (>= 4.0)
      System.Security.Cryptography.Primitives (>= 4.0)
      System.Text.Encoding (>= 4.0.11)
    System.Security.Cryptography.Primitives (4.0)
      System.Diagnostics.Debug (>= 4.0.11) - framework: net45, net451, net452, net453
      System.Globalization (>= 4.0.11) - framework: net45, net451, net452, net453
      System.IO (>= 4.1) - framework: net45, net451, net452, net453
      System.Resources.ResourceManager (>= 4.0.1) - framework: net45, net451, net452, net453
      System.Runtime (>= 4.1) - framework: net45, net451, net452, net453
      System.Threading (>= 4.0.11) - framework: net45, net451, net452, net453
      System.Threading.Tasks (>= 4.0.11) - framework: net45, net451, net452, net453
    System.Security.Cryptography.X509Certificates (4.1)
      runtime.native.System (>= 4.0) - framework: net45, net451, net452, net453
      runtime.native.System.Net.Http (>= 4.0.1) - framework: net45, net451, net452, net453
      runtime.native.System.Security.Cryptography (>= 4.0) - framework: net45, net451, net452, net453
      System.Diagnostics.Debug (>= 4.0.11) - framework: net45, net451, net452, net453
      System.IO.FileSystem.Primitives (>= 4.0.1) - framework: net45, net451, net452, net453
      System.Security.Cryptography.Algorithms (>= 4.2) - framework: >= net46
      System.Security.Cryptography.Csp (>= 4.0) - framework: net45, net451, net452, net453
      System.Security.Cryptography.Encoding (>= 4.0) - framework: >= net46
      System.Security.Cryptography.OpenSsl (>= 4.0) - framework: net45, net451, net452, net453
    System.Text.Encoding (4.0.11)
    System.Text.Encoding.CodePages (4.0.1)
      Microsoft.NETCore.Platforms (>= 1.0.1) - framework: net45, net451, net452, net453
      System.Collections (>= 4.0.11) - framework: net45, net451, net452, net453
      System.Globalization (>= 4.0.11) - framework: net45, net451, net452, net453
      System.IO (>= 4.1) - framework: net45, net451, net452, net453
      System.Reflection (>= 4.1) - framework: net45, net451, net452, net453
      System.Resources.ResourceManager (>= 4.0.1) - framework: net45, net451, net452, net453
      System.Runtime (>= 4.1) - framework: net45, net451, net452, net453
      System.Runtime.Extensions (>= 4.1) - framework: net45, net451, net452, net453
      System.Runtime.Handles (>= 4.0.1) - framework: net45, net451, net452, net453
      System.Runtime.InteropServices (>= 4.1) - framework: net45, net451, net452, net453
      System.Text.Encoding (>= 4.0.11) - framework: net45, net451, net452, net453
      System.Threading (>= 4.0.11) - framework: net45, net451, net452, net453
    System.Text.Encoding.Extensions (4.0.11)
    System.Threading (4.0.11)
    System.Threading.Tasks (4.0.11)
    System.Threading.Tasks.Parallel (4.0.1)
    System.Threading.Thread (4.0)
      System.Runtime (>= 4.1) - framework: net45, net451, net452, net453
    System.Xml.ReaderWriter (4.0.11)
    System.Xml.XDocument (4.0.11)
    System.Xml.XmlDocument (4.0.1)
      System.Collections (>= 4.0.11) - framework: net45, net451, net452, net453
      System.Diagnostics.Debug (>= 4.0.11) - framework: net45, net451, net452, net453
      System.Globalization (>= 4.0.11) - framework: net45, net451, net452, net453
      System.IO (>= 4.1) - framework: net45, net451, net452, net453
      System.Resources.ResourceManager (>= 4.0.1) - framework: net45, net451, net452, net453
      System.Runtime (>= 4.1) - framework: net45, net451, net452, net453
      System.Runtime.Extensions (>= 4.1) - framework: net45, net451, net452, net453
      System.Text.Encoding (>= 4.0.11) - framework: net45, net451, net452, net453
      System.Threading (>= 4.0.11) - framework: net45, net451, net452, net453
      System.Xml.ReaderWriter (>= 4.0.11) - framework: net45, net451, net452, net453
    System.Xml.XPath (4.0.1) - framework: >= net46
    System.Xml.XPath.XDocument (4.0.1)
      System.Diagnostics.Debug (>= 4.0.11) - framework: net45, net451, net452, net453
      System.Linq (>= 4.1) - framework: net45, net451, net452, net453
      System.Resources.ResourceManager (>= 4.0.1) - framework: net45, net451, net452, net453
      System.Runtime (>= 4.1) - framework: net45, net451, net452, net453
      System.Runtime.Extensions (>= 4.1) - framework: net45, net451, net452, net453
      System.Threading (>= 4.0.11) - framework: net45, net451, net452, net453
      System.Xml.ReaderWriter (>= 4.0.11) - framework: net45, net451, net452, net453
      System.Xml.XDocument (>= 4.0.11) - framework: net45, net451, net452, net453
      System.Xml.XPath (>= 4.0.1) - framework: >= net46

GROUP Build
FRAMEWORK: >= NET45
NUGET
  remote: https://www.nuget.org/api/v2
  specs:
    FAKE (4.36)
    FSharp.Compiler.Service (2.0.0.6)
    FSharp.Formatting (2.14.4)
      FSharp.Compiler.Service (2.0.0.6)
      FSharpVSPowerTools.Core (>= 2.3 < 2.4)
    FSharpVSPowerTools.Core (2.3)
      FSharp.Compiler.Service (>= 2.0.0.3)
    Octokit (0.21.1)
    SourceLink.Fake (1.1)
GITHUB
  remote: fsharp/FAKE
  specs:
    modules/Octokit/Octokit.fsx (8fd20ae42c996060bc8bedb821edfb50517cdd8b)
      Octokit
GROUP Test
REDIRECTS: ON
FRAMEWORK: >= NET45
NUGET
  remote: http://www.nuget.org/api/v2
  specs:
    BenchmarkDotNet (0.9.8)
      Microsoft.CodeAnalysis.CSharp (>= 1.3.2)
      System.Threading.Tasks (>= 4.0)
    FsCheck (2.5)
      FSharp.Core (>= 3.1.2.5)
    FSharp.Core (4.0.0.1)
    MathNet.Numerics (3.12)
    MathNet.Numerics.FSharp (3.12)
      FSharp.Core (>= 3.1.2.5)
      MathNet.Numerics (3.12)
    MathNet.Numerics.MKL.Win-x64 (2.0)
    Microsoft.CodeAnalysis.Analyzers (1.1)
    Microsoft.CodeAnalysis.Common (1.3.2)
      Microsoft.CodeAnalysis.Analyzers (>= 1.1)
      System.AppContext (>= 4.1)
      System.Collections (>= 4.0.11)
      System.Collections.Concurrent (>= 4.0.12)
      System.Collections.Immutable (>= 1.2)
      System.Console (>= 4.0)
      System.Diagnostics.Debug (>= 4.0.11)
      System.Diagnostics.FileVersionInfo (>= 4.0)
      System.Diagnostics.StackTrace (>= 4.0.1)
      System.Diagnostics.Tools (>= 4.0.1)
      System.Dynamic.Runtime (>= 4.0.11)
      System.Globalization (>= 4.0.11)
      System.IO.FileSystem (>= 4.0.1)
      System.IO.FileSystem.Primitives (>= 4.0.1)
      System.Linq (>= 4.1)
      System.Linq.Expressions (>= 4.1)
      System.Reflection (>= 4.1)
      System.Reflection.Metadata (>= 1.3)
      System.Reflection.Primitives (>= 4.0.1)
      System.Resources.ResourceManager (>= 4.0.1)
      System.Runtime (>= 4.1)
      System.Runtime.Extensions (>= 4.1)
      System.Runtime.Handles (>= 4.0.1)
      System.Runtime.InteropServices (>= 4.1)
      System.Runtime.Numerics (>= 4.0.1)
      System.Security.Cryptography.Algorithms (>= 4.2)
      System.Security.Cryptography.Encoding (>= 4.0)
      System.Security.Cryptography.X509Certificates (>= 4.1)
      System.Text.Encoding (>= 4.0.11)
      System.Text.Encoding.CodePages (>= 4.0.1)
      System.Text.Encoding.Extensions (>= 4.0.11)
      System.Threading (>= 4.0.11)
      System.Threading.Tasks (>= 4.0.11)
      System.Threading.Tasks.Parallel (>= 4.0.1)
      System.Threading.Thread (>= 4.0)
      System.Xml.ReaderWriter (>= 4.0.11)
      System.Xml.XDocument (>= 4.0.11)
      System.Xml.XmlDocument (>= 4.0.1)
      System.Xml.XPath.XDocument (>= 4.0.1)
    Microsoft.CodeAnalysis.CSharp (1.3.2)
      Microsoft.CodeAnalysis.Common (1.3.2)
    Microsoft.NETCore.Platforms (1.0.1)
    Microsoft.NETCore.Targets (1.0.1)
    NUnit (3.4.1)
    NUnit.ConsoleRunner (3.4.1)
    NUnit.Extension.NUnitProjectLoader (3.4.1)
    NUnit.Extension.NUnitV2Driver (3.4.1)
    NUnit.Extension.NUnitV2ResultWriter (3.4.1)
    NUnit.Extension.TeamCityEventListener (1.0.1)
    NUnit.Extension.VSProjectLoader (3.4.1)
    NUnit.Runners (3.4.1)
      NUnit.ConsoleRunner (>= 3.4.1)
      NUnit.Extension.NUnitProjectLoader (>= 3.4.1)
      NUnit.Extension.NUnitV2Driver (>= 3.4.1)
      NUnit.Extension.NUnitV2ResultWriter (>= 3.4.1)
      NUnit.Extension.TeamCityEventListener (>= 1.0.1)
      NUnit.Extension.VSProjectLoader (>= 3.4.1)
    runtime.native.System (4.0) - framework: net45, net451, net452, net453
      Microsoft.NETCore.Platforms (>= 1.0.1)
      Microsoft.NETCore.Targets (>= 1.0.1)
    runtime.native.System.Net.Http (4.0.1) - framework: net45, net451, net452, net453
      Microsoft.NETCore.Platforms (>= 1.0.1)
      Microsoft.NETCore.Targets (>= 1.0.1)
    runtime.native.System.Security.Cryptography (4.0)
      Microsoft.NETCore.Platforms (>= 1.0.1)
      Microsoft.NETCore.Targets (>= 1.0.1)
    Streams (0.4.1)
    Streams.CSharp (0.4.1)
      Streams (0.4.1)
    System.AppContext (4.1)
    System.Collections (4.0.11)
    System.Collections.Concurrent (4.0.12)
    System.Collections.Immutable (1.2)
    System.Console (4.0)
      Microsoft.NETCore.Platforms (>= 1.0.1) - framework: net45, net451, net452, net453
      Microsoft.NETCore.Targets (>= 1.0.1) - framework: net45, net451, net452, net453
      System.IO (>= 4.1) - framework: net45, net451, net452, net453
      System.Runtime (>= 4.1) - framework: net45, net451, net452, net453
      System.Text.Encoding (>= 4.0.11) - framework: net45, net451, net452, net453
    System.Diagnostics.Debug (4.0.11)
    System.Diagnostics.FileVersionInfo (4.0)
      System.Globalization (>= 4.0.11) - framework: net45, net451, net452, net453
      System.Runtime.InteropServices (>= 4.1) - framework: net45, net451, net452, net453
    System.Diagnostics.StackTrace (4.0.1)
      System.Collections.Immutable (>= 1.2) - framework: net45, net451, net452, net453
      System.IO.FileSystem (>= 4.0.1) - framework: net45, net451, net452, net453
      System.Reflection (>= 4.1) - framework: net45, net451, net452, net453
      System.Reflection.Metadata (>= 1.3) - framework: net45, net451, net452, net453
      System.Runtime (>= 4.1) - framework: net45, net451, net452, net453
      System.Runtime.Extensions (>= 4.1) - framework: net45, net451, net452, net453
    System.Diagnostics.Tools (4.0.1)
    System.Dynamic.Runtime (4.0.11)
    System.Globalization (4.0.11)
    System.IO (4.1)
    System.IO.FileSystem (4.0.1)
      Microsoft.NETCore.Platforms (>= 1.0.1) - framework: net45, net451, net452, net453
      Microsoft.NETCore.Targets (>= 1.0.1) - framework: net45, net451, net452, net453
      System.IO (>= 4.1) - framework: net45, net451, net452, net453
      System.IO.FileSystem.Primitives (>= 4.0.1) - framework: >= net46
      System.Runtime (>= 4.1) - framework: net45, net451, net452, net453
      System.Runtime.Handles (>= 4.0.1) - framework: net45, net451, net452, net453
      System.Text.Encoding (>= 4.0.11) - framework: net45, net451, net452, net453
      System.Threading.Tasks (>= 4.0.11) - framework: net45, net451, net452, net453
    System.IO.FileSystem.Primitives (4.0.1)
      System.Runtime (>= 4.1) - framework: net45, net451, net452, net453
    System.Linq (4.1)
    System.Linq.Expressions (4.1)
    System.Reflection (4.1)
    System.Reflection.Metadata (1.3)
      System.Collections.Immutable (>= 1.2)
    System.Reflection.Primitives (4.0.1)
    System.Resources.ResourceManager (4.0.1)
    System.Runtime (4.1)
    System.Runtime.Extensions (4.1)
    System.Runtime.Handles (4.0.1)
      Microsoft.NETCore.Platforms (>= 1.0.1) - framework: net45, net451, net452, net453
      Microsoft.NETCore.Targets (>= 1.0.1) - framework: net45, net451, net452, net453
      System.Runtime (>= 4.1) - framework: net45, net451, net452, net453
    System.Runtime.InteropServices (4.1)
    System.Runtime.Numerics (4.0.1)
    System.Security.Cryptography.Algorithms (4.2)
      runtime.native.System.Security.Cryptography (>= 4.0) - framework: net45, net451, net452, net453
      System.Collections (>= 4.0.11) - framework: net45, net451, net452, net453
      System.Runtime.Numerics (>= 4.0.1) - framework: net45, net451, net452, net453
      System.Security.Cryptography.Primitives (>= 4.0) - framework: >= net46
    System.Security.Cryptography.Csp (4.0) - framework: net45, net451, net452, net453
      Microsoft.NETCore.Platforms (>= 1.0.1) - framework: net45, net451, net452, net453
      System.IO (>= 4.1) - framework: net45, net451, net452, net453
      System.Reflection (>= 4.1) - framework: net45, net451, net452, net453
      System.Resources.ResourceManager (>= 4.0.1) - framework: net45, net451, net452, net453
      System.Runtime (>= 4.1) - framework: net45, net451, net452, net453
      System.Runtime.Extensions (>= 4.1) - framework: net45, net451, net452, net453
      System.Runtime.Handles (>= 4.0.1) - framework: net45, net451, net452, net453
      System.Runtime.InteropServices (>= 4.1) - framework: net45, net451, net452, net453
      System.Security.Cryptography.Encoding (>= 4.0) - framework: net45, net451, net452, net453
      System.Text.Encoding (>= 4.0.11) - framework: net45, net451, net452, net453
      System.Threading (>= 4.0.11) - framework: net45, net451, net452, net453
    System.Security.Cryptography.Encoding (4.0)
      Microsoft.NETCore.Platforms (>= 1.0.1) - framework: net45, net451, net452, net453
      runtime.native.System.Security.Cryptography (>= 4.0) - framework: net45, net451, net452, net453
      System.Collections (>= 4.0.11) - framework: net45, net451, net452, net453
      System.Collections.Concurrent (>= 4.0.12) - framework: net45, net451, net452, net453
      System.Linq (>= 4.1) - framework: net45, net451, net452, net453
      System.Resources.ResourceManager (>= 4.0.1) - framework: net45, net451, net452, net453
      System.Runtime (>= 4.1) - framework: net45, net451, net452, net453
      System.Runtime.Extensions (>= 4.1) - framework: net45, net451, net452, net453
      System.Runtime.Handles (>= 4.0.1) - framework: net45, net451, net452, net453
      System.Runtime.InteropServices (>= 4.1) - framework: net45, net451, net452, net453
      System.Security.Cryptography.Primitives (>= 4.0) - framework: net45, net451, net452, net453
      System.Text.Encoding (>= 4.0.11) - framework: net45, net451, net452, net453
    System.Security.Cryptography.OpenSsl (4.0) - framework: net45, net451, net452, net453
      runtime.native.System.Security.Cryptography (>= 4.0)
      System.Collections (>= 4.0.11)
      System.IO (>= 4.1)
      System.Resources.ResourceManager (>= 4.0.1)
      System.Runtime (>= 4.1)
      System.Runtime.Extensions (>= 4.1)
      System.Runtime.Handles (>= 4.0.1)
      System.Runtime.InteropServices (>= 4.1)
      System.Runtime.Numerics (>= 4.0.1)
      System.Security.Cryptography.Algorithms (>= 4.2)
      System.Security.Cryptography.Encoding (>= 4.0)
      System.Security.Cryptography.Primitives (>= 4.0)
      System.Text.Encoding (>= 4.0.11)
    System.Security.Cryptography.Primitives (4.0)
      System.Diagnostics.Debug (>= 4.0.11) - framework: net45, net451, net452, net453
      System.Globalization (>= 4.0.11) - framework: net45, net451, net452, net453
      System.IO (>= 4.1) - framework: net45, net451, net452, net453
      System.Resources.ResourceManager (>= 4.0.1) - framework: net45, net451, net452, net453
      System.Runtime (>= 4.1) - framework: net45, net451, net452, net453
      System.Threading (>= 4.0.11) - framework: net45, net451, net452, net453
      System.Threading.Tasks (>= 4.0.11) - framework: net45, net451, net452, net453
    System.Security.Cryptography.X509Certificates (4.1)
      runtime.native.System (>= 4.0) - framework: net45, net451, net452, net453
      runtime.native.System.Net.Http (>= 4.0.1) - framework: net45, net451, net452, net453
      runtime.native.System.Security.Cryptography (>= 4.0) - framework: net45, net451, net452, net453
      System.Diagnostics.Debug (>= 4.0.11) - framework: net45, net451, net452, net453
      System.IO.FileSystem.Primitives (>= 4.0.1) - framework: net45, net451, net452, net453
      System.Security.Cryptography.Algorithms (>= 4.2) - framework: >= net46
      System.Security.Cryptography.Csp (>= 4.0) - framework: net45, net451, net452, net453
      System.Security.Cryptography.Encoding (>= 4.0) - framework: >= net46
      System.Security.Cryptography.OpenSsl (>= 4.0) - framework: net45, net451, net452, net453
    System.Text.Encoding (4.0.11)
    System.Text.Encoding.CodePages (4.0.1)
      Microsoft.NETCore.Platforms (>= 1.0.1) - framework: net45, net451, net452, net453
      System.Collections (>= 4.0.11) - framework: net45, net451, net452, net453
      System.Globalization (>= 4.0.11) - framework: net45, net451, net452, net453
      System.IO (>= 4.1) - framework: net45, net451, net452, net453
      System.Reflection (>= 4.1) - framework: net45, net451, net452, net453
      System.Resources.ResourceManager (>= 4.0.1) - framework: net45, net451, net452, net453
      System.Runtime (>= 4.1) - framework: net45, net451, net452, net453
      System.Runtime.Extensions (>= 4.1) - framework: net45, net451, net452, net453
      System.Runtime.Handles (>= 4.0.1) - framework: net45, net451, net452, net453
      System.Runtime.InteropServices (>= 4.1) - framework: net45, net451, net452, net453
      System.Text.Encoding (>= 4.0.11) - framework: net45, net451, net452, net453
      System.Threading (>= 4.0.11) - framework: net45, net451, net452, net453
    System.Text.Encoding.Extensions (4.0.11)
    System.Threading (4.0.11)
    System.Threading.Tasks (4.0.11)
    System.Threading.Tasks.Parallel (4.0.1)
    System.Threading.Thread (4.0)
      System.Runtime (>= 4.1) - framework: net45, net451, net452, net453
    System.Xml.ReaderWriter (4.0.11)
    System.Xml.XDocument (4.0.11)
    System.Xml.XmlDocument (4.0.1)
      System.Collections (>= 4.0.11) - framework: net45, net451, net452, net453
      System.Diagnostics.Debug (>= 4.0.11) - framework: net45, net451, net452, net453
      System.Globalization (>= 4.0.11) - framework: net45, net451, net452, net453
      System.IO (>= 4.1) - framework: net45, net451, net452, net453
      System.Resources.ResourceManager (>= 4.0.1) - framework: net45, net451, net452, net453
      System.Runtime (>= 4.1) - framework: net45, net451, net452, net453
      System.Runtime.Extensions (>= 4.1) - framework: net45, net451, net452, net453
      System.Text.Encoding (>= 4.0.11) - framework: net45, net451, net452, net453
      System.Threading (>= 4.0.11) - framework: net45, net451, net452, net453
      System.Xml.ReaderWriter (>= 4.0.11) - framework: net45, net451, net452, net453
    System.Xml.XPath (4.0.1) - framework: >= net46
    System.Xml.XPath.XDocument (4.0.1)
      System.Diagnostics.Debug (>= 4.0.11) - framework: net45, net451, net452, net453
      System.Linq (>= 4.1) - framework: net45, net451, net452, net453
      System.Resources.ResourceManager (>= 4.0.1) - framework: net45, net451, net452, net453
      System.Runtime (>= 4.1) - framework: net45, net451, net452, net453
      System.Runtime.Extensions (>= 4.1) - framework: net45, net451, net452, net453
      System.Threading (>= 4.0.11) - framework: net45, net451, net452, net453
      System.Xml.ReaderWriter (>= 4.0.11) - framework: net45, net451, net452, net453
      System.Xml.XDocument (>= 4.0.11) - framework: net45, net451, net452, net453
      System.Xml.XPath (>= 4.0.1) - framework: >= net46
    Unquote (3.1.1)
